GEM
  remote: https://rubygems.org/
  specs:
    curses (1.2.7)
    ffi (1.10.0)
    ffi-openmpt (0.4.1)
      ffi (~> 1.9)
    ffi-portaudio (0.1.2)
      ffi

PLATFORMS
  ruby

DEPENDENCIES
  curses (~> 1.2)
  ffi-openmpt (~> 0.4.1)
  ffi-portaudio (~> 0.1)

BUNDLED WITH
   2.0.1
