GEM
  remote: https://rubygems.org/
  specs:
    ffi (1.9.25)
    ffi-openmpt (0.2.0)
      ffi (~> 1.9)
    ffi-portaudio (0.1.2)
      ffi

PLATFORMS
  ruby

DEPENDENCIES
  ffi-openmpt (~> 0.2)
  ffi-portaudio (~> 0.1)

BUNDLED WITH
   1.16.2
